GEM
  remote: https://rubygems.org/
  specs:
    nio4r (2.7.4)
    puma (7.1.0)
      nio4r (~> 2.0)

PLATFORMS
  ruby
  x86_64-linux

DEPENDENCIES
  puma (~> 7.1)

BUNDLED WITH
   2.6.9
